PATH
  remote: .
  specs:
    battlenet_info (0.2.1)
      nokogiri (~> 1.5.6)

GEM
  remote: https://rubygems.org/
  specs:
    addressable (2.3.3)
    colorize (0.5.8)
    coveralls (0.6.7)
      colorize
      multi_json (~> 1.3)
      rest-client
      simplecov (>= 0.7)
      thor
    crack (0.3.2)
    diff-lcs (1.2.1)
    mime-types (1.23)
    multi_json (1.7.4)
    nokogiri (1.5.9)
    rake (10.0.4)
    rest-client (1.6.7)
      mime-types (>= 1.16)
    rspec (2.13.0)
      rspec-core (~> 2.13.0)
      rspec-expectations (~> 2.13.0)
      rspec-mocks (~> 2.13.0)
    rspec-core (2.13.0)
    rspec-expectations (2.13.0)
      diff-lcs (>= 1.1.3, < 2.0)
    rspec-mocks (2.13.0)
    simplecov (0.7.1)
      multi_json (~> 1.0)
      simplecov-html (~> 0.7.1)
    simplecov-html (0.7.1)
    thor (0.18.1)
    vcr (2.4.0)
    webmock (1.10.0)
      addressable (>= 2.2.7)
      crack (>= 0.3.2)

PLATFORMS
  ruby

DEPENDENCIES
  battlenet_info!
  bundler (~> 1.3)
  coveralls
  rake
  rspec (~> 2.13.0)
  vcr (~> 2.4.0)
  webmock
